GIT
  remote: https://github.com/openflighthpc/commander-openflighthpc
  revision: 42cfbbf49ca8c3ab7c348f69b8bc987aae14ad3f
  specs:
    commander-openflighthpc (2.1.2)
      highline (> 1.7.2)
      paint (~> 2.1.0)
      slop (~> 4.8)

GEM
  remote: https://rubygems.org/
  specs:
    addressable (2.8.0)
      public_suffix (>= 2.0.2, < 5.0)
    domain_name (0.5.20190701)
      unf (>= 0.0.5, < 1.0.0)
    equatable (0.6.1)
    ffi (1.13.1)
    ffi-compiler (1.0.1)
      ffi (>= 1.0.0)
      rake
    highline (2.0.3)
    html2text (0.3.1)
      nokogiri (~> 1.10.3)
    http (4.4.1)
      addressable (~> 2.3)
      http-cookie (~> 1.0)
      http-form_data (~> 2.2)
      http-parser (~> 1.2.0)
    http-cookie (1.0.3)
      domain_name (~> 0.5)
    http-form_data (2.3.0)
    http-parser (1.2.1)
      ffi-compiler (>= 1.0, < 2.0)
    mini_portile2 (2.4.0)
    necromancer (0.5.1)
    nokogiri (1.10.9)
      mini_portile2 (~> 2.4.0)
    paint (2.1.1)
    pastel (0.7.4)
      equatable (~> 0.6)
      tty-color (~> 0.5)
    public_suffix (4.0.6)
    rake (13.0.1)
    slop (4.8.1)
    strings (0.1.8)
      strings-ansi (~> 0.1)
      unicode-display_width (~> 1.5)
      unicode_utils (~> 1.4)
    strings-ansi (0.2.0)
    tty-color (0.5.1)
    tty-cursor (0.7.1)
    tty-pager (0.13.0)
      strings (~> 0.1.8)
      tty-screen (~> 0.8)
    tty-prompt (0.21.0)
      necromancer (~> 0.5.0)
      pastel (~> 0.7.0)
      tty-reader (~> 0.7.0)
    tty-reader (0.7.0)
      tty-cursor (~> 0.7)
      tty-screen (~> 0.7)
      wisper (~> 2.0.0)
    tty-screen (0.8.0)
    tty-table (0.11.0)
      equatable (~> 0.6)
      necromancer (~> 0.5)
      pastel (~> 0.7.2)
      strings (~> 0.1.5)
      tty-screen (~> 0.7)
    unf (0.1.4)
      unf_ext
    unf_ext (0.0.7.7)
    unicode-display_width (1.7.0)
    unicode_utils (1.4.0)
    whirly (0.2.6)
      unicode-display_width (~> 1.1)
    wisper (2.0.1)
    word_wrap (1.0.0)
    xdg (4.1.0)
    zxcvbn-ruby (1.0.0)

PLATFORMS
  ruby

DEPENDENCIES
  commander-openflighthpc!
  html2text
  http
  tty-pager
  tty-prompt
  tty-table
  whirly
  word_wrap
  xdg
  zxcvbn-ruby

BUNDLED WITH
   2.1.4
